PATH
  remote: .
  specs:
    sexmachine (0.0.2)

GEM
  remote: http://rubygems.org/
  specs:

PLATFORMS
  ruby

DEPENDENCIES
  sexmachine!
