PATH
  remote: .
  specs:
    sexmachine (0.0.5)
      unicode_utils (>= 1.3.0)

GEM
  remote: http://rubygems.org/
  specs:
    unicode_utils (1.3.0)

PLATFORMS
  ruby

DEPENDENCIES
  sexmachine!
